PATH
  remote: /Users/lori/Projects/wndx-multiselect
  specs:
    wndx-multiselect (0.0.1)

GEM
  remote: http://rubygems.org/
  specs:
    actionmailer (2.1.0)
      actionpack (= 2.1.0)
    actionpack (2.1.0)
      activesupport (= 2.1.0)
    activerecord (2.1.0)
      activesupport (= 2.1.0)
    activeresource (2.1.0)
      activesupport (= 2.1.0)
    activesupport (2.1.0)
    childprocess (0.2.2)
      ffi (~> 1.0.6)
    ffi (1.0.9)
    jasmine (1.0.2.1)
      json_pure (>= 1.4.3)
      rack (>= 1.1)
      rspec (>= 1.3.1)
      selenium-webdriver (>= 0.1.3)
    jrails (0.6.0)
    json_pure (1.6.0)
    rack (1.3.2)
    rails (2.1.0)
      actionmailer (= 2.1.0)
      actionpack (= 2.1.0)
      activerecord (= 2.1.0)
      activeresource (= 2.1.0)
      activesupport (= 2.1.0)
      rake (>= 0.8.1)
    rake (0.9.2)
    rdoc (3.9.4)
    rspec (1.3.2)
    rspec-rails (1.3.4)
      rack (>= 1.0.0)
      rspec (~> 1.3.1)
    rubyzip (0.9.4)
    selenium-webdriver (2.6.0)
      childprocess (>= 0.2.1)
      ffi (>= 1.0.7)
      json_pure
      rubyzip
    sqlite3-ruby (1.3.1)

PLATFORMS
  ruby

DEPENDENCIES
  jasmine (~> 1.0.2)
  jrails
  rails (~> 2.1.0)
  rdoc
  rspec-rails (~> 1.3)
  sqlite3-ruby
  wndx-multiselect!
