PATH
  remote: /Users/lori/Projects/wndx-multiselect
  specs:
    wndx-multiselect (0.0.1)

GEM
  remote: http://rubygems.org/
  specs:
    actionmailer (2.1.0)
      actionpack (= 2.1.0)
    actionpack (2.1.0)
      activesupport (= 2.1.0)
    activerecord (2.1.0)
      activesupport (= 2.1.0)
    activeresource (2.1.0)
      activesupport (= 2.1.0)
    activesupport (2.1.0)
    jrails (0.6.0)
    rails (2.1.0)
      actionmailer (= 2.1.0)
      actionpack (= 2.1.0)
      activerecord (= 2.1.0)
      activeresource (= 2.1.0)
      activesupport (= 2.1.0)
      rake (>= 0.8.1)
    rake (0.9.2)
    rdoc (3.9.4)
    rspec (1.1.12)
    rspec-rails (1.1.12)
      rspec (= 1.1.12)
    sqlite3-ruby (1.3.1)

PLATFORMS
  ruby

DEPENDENCIES
  jrails
  rails (~> 2.1.0)
  rdoc
  rspec-rails (~> 1.1.11)
  sqlite3-ruby
  wndx-multiselect!
